GEM
  remote: http://rubygems.org/
  specs:
    rmagick (2.13.2)
    sprite-factory (1.5.3)

PLATFORMS
  ruby

DEPENDENCIES
  rmagick (~> 2.13.1)
  sprite-factory (>= 1.5.3)
